PATH
  remote: .
  specs:
    yard-junk (0.0.9)
      backports (>= 3.18)
      rainbow
      yard

GEM
  remote: https://rubygems.org/
  specs:
    ast (2.4.1)
    backports (3.18.2)
    diff-lcs (1.4.4)
    docile (1.1.5)
    fakefs (1.2.2)
    json (2.3.1)
    json (2.3.1-java)
    kramdown (2.3.1)
      rexml
    parallel (1.20.0)
    parser (2.7.2.0)
      ast (~> 2.4.1)
    rainbow (3.0.0)
    rake (13.0.1)
    regexp_parser (1.8.2)
    rexml (3.2.8)
      strscan (>= 3.0.9)
    rspec (3.10.0)
      rspec-core (~> 3.10.0)
      rspec-expectations (~> 3.10.0)
      rspec-mocks (~> 3.10.0)
    rspec-core (3.10.0)
      rspec-support (~> 3.10.0)
    rspec-expectations (3.10.0)
      diff-lcs (>= 1.2.0, < 2.0)
      rspec-support (~> 3.10.0)
    rspec-its (1.2.0)
      rspec-core (>= 3.0.0)
      rspec-expectations (>= 3.0.0)
    rspec-mocks (3.10.0)
      diff-lcs (>= 1.2.0, < 2.0)
      rspec-support (~> 3.10.0)
    rspec-support (3.10.0)
    rubocop (1.3.0)
      parallel (~> 1.10)
      parser (>= 2.7.1.5)
      rainbow (>= 2.2.2, < 4.0)
      regexp_parser (>= 1.8)
      rexml
      rubocop-ast (>= 1.1.1)
      ruby-progressbar (~> 1.7)
      unicode-display_width (>= 1.4.0, < 2.0)
    rubocop-ast (1.1.1)
      parser (>= 2.7.1.5)
    rubocop-rspec (2.0.0)
      rubocop (~> 1.0)
      rubocop-ast (>= 1.1.0)
    ruby-progressbar (1.10.1)
    ruby2_keywords (0.0.2)
    rubygems-tasks (0.2.4)
    saharspec (0.0.8)
      ruby2_keywords
    simplecov (0.15.0)
      docile (~> 1.1.0)
      json (>= 1.8, < 3)
      simplecov-html (~> 0.10.0)
    simplecov-html (0.10.2)
    strscan (3.1.0)
    strscan (3.1.0-java)
    unicode-display_width (1.7.0)
    yard (0.9.25)

PLATFORMS
  java
  ruby

DEPENDENCIES
  fakefs
  kramdown
  rake
  rspec (>= 3)
  rspec-its (~> 1)
  rubocop
  rubocop-rspec
  rubygems-tasks
  saharspec
  simplecov (~> 0.9)
  yard
  yard-junk!

BUNDLED WITH
   2.1.2
